##TITLE= Parameter file, TOPSPIN		Version 2.1
##JCAMPDX= 5.0
##DATATYPE= Parameter Values
##NPOINTS= 1	$$ modification sequence number
##ORIGIN= Bruker BioSpin GmbH
##OWNER= grzesiek
$$ 2012-04-24 19:42:47.973 +0200  grzesiek@nmr600
$$ /opt/topspin/data/grzesiek/nmr/hnco/4/acqus
$$ process /opt/topspin2.1.6/prog/au/bin/iexpno
##$ACQT0= 1000000
##$AMP= (0..31)
100 100 100 100 100 100 100 100 100 100 100 100 100 100 100 100 100 100
100 100 100 100 100 100 100 100 100 100 100 100 100 100
##$ANAVPT= -1
##$AQSEQ= 0
##$AQ_mod= 3
##$AUNM= <multizg>
##$AUTOPOS= <>
##$BF1= 600.03
##$BF2= 60.800511
##$BF3= 150.877261
##$BF4= 600.03
##$BF5= 600.13
##$BF6= 600.13
##$BF7= 600.13
##$BF8= 600.13
##$BYTORDA= 0
##$CFDGTYP= 0
##$CFRGTYP= 9
##$CHEMSTR= <none>
##$CNST= (0..63)
1 1 1 1 1 1 1 1 1 1 1 1 1 1 1 1 1 1 1 1 1 1 1 1 1 1 1 1 1 1 1 1 1 1 1 1
1 1 1 1 1 1 1 1 1 1 1 1 1 1 1 1 1 1 1 1 1 1 1 1 1 1 1 1
##$CPDPRG= (0..8)
<garp> <dipsi2.30> <> <waltz16.31> <mlev> <mlev> <mlev> <mlev> <mlev>
##$CPDPRGB= <waltz16>
##$CPDPRGT= <dipsi-2>
##$D= (0..63)
3.4139e-05 1.2 0.00225 0 0.0045 0.014 0.004 0.0001054 9.1e-05 0 4e-06 0.05
0.007 3e-06 0 6.45e-06 0.0054 0.0046 0 0 4e-06 6e-06 0.0136 0.0137682 0.00834975
4.11e-05 3.355e-05 4.9e-05 0 0 0 0 0 0 0 0 0 0 0 0 0 0 0 0 0 0 0 0 0 0
0 0 0 0 0 0 0 0 0 0 0 0 0 0
##$DATE= 1335288799
##$DBL= (0..7)
13 13 120 120 120 120 120 120
##$DBP= (0..7)
16 150 150 150 150 150 150 150
##$DBP07= 0
##$DBPNAM0= <sinc1.+4>
##$DBPNAM1= <>
##$DBPNAM2= <>
##$DBPNAM3= <>
##$DBPNAM4= <>
##$DBPNAM5= <>
##$DBPNAM6= <>
##$DBPNAM7= <>
##$DBPOAL= (0..7)
0.5 0.5 0.5 0.5 0.5 0.5 0.5 0.5
##$DBPOFFS= (0..7)
0 0 0 0 0 0 0 0
##$DE= 77.14285
##$DECBNUC= <off>
##$DECIM= 2160
##$DECNUC= <off>
##$DECSTAT= 4
##$DIGMOD= 1
##$DIGTYP= 12
##$DL= (0..7)
15 28.3 28.5 10 23.4 23.4 50 120
##$DP= (0..7)
150 36 36 150 150 150 150 150
##$DP07= 0
##$DPNAME0= <>
##$DPNAME1= <sinc1.-4>
##$DPNAME2= <sinc1.+4>
##$DPNAME3= <>
##$DPNAME4= <>
##$DPNAME5= <>
##$DPNAME6= <>
##$DPNAME7= <>
##$DPOAL= (0..7)
0.5 0.5 0.5 0.5 0.5 0.5 0.5 0.5
##$DPOFFS= (0..7)
0 0 0 0 0 0 0 0
##$DQDMODE= 0
##$DR= 22
##$DS= 4
##$DSLIST= <SSSSSSSSSSSSSSS>
##$DSPFIRM= 0
##$DSPFVS= 20
##$DTYPA= 0
##$EXP= <>
##$F1LIST= <water_roe>
##$F2LIST= <boru_f1dec1>
##$F3LIST= <333333333333333>
##$FCUCHAN= (0..9)
0 2 1 3 0 0 0 0 0 0
##$FL1= 90
##$FL2= 90
##$FL3= 90
##$FL4= 90
##$FOV= 20
##$FQ1LIST= <freqlist>
##$FQ2LIST= <freqlist>
##$FQ3LIST= <freqlist>
##$FQ4LIST= <freqlist>
##$FQ5LIST= <freqlist>
##$FQ6LIST= <freqlist>
##$FQ7LIST= <freqlist>
##$FQ8LIST= <freqlist>
##$FRQLO3= 1246475.66500005
##$FRQLO3N= 0
##$FS= (0..7)
83 83 83 83 83 83 83 83
##$FTLPGN= 0
##$FW= 125000
##$FnMODE= 0
##$FnTYPE= 0
##$GPNAM= (0..31)
<sine.100> <sine.50> <sine.100> <sine.100> <sine.100> <sine.100> <sine.100>
<sine.100> <sine.100> <sine.100> <sine.100> <sine.100> <sine.100> <sine.100>
<sine.100> <sine.100> <sine.100> <sine.100> <sine.100> <sine.100> <sine.100>
<sine.100> <sine.100> <sine.100> <sine.100> <sine.100> <sine.100> <sine.100>
<sine.100> <sine.100> <sine.100> <sine.100>
##$GPX= (0..31)
0 0 0 0 0 0 0 0 0 0 0 0 0 0 0 0 0 0 0 0 0 0 0 0 0 0 0 0 0 0 0 0
##$GPY= (0..31)
0 0 0 0 0 0 0 0 0 0 0 0 0 0 0 0 0 0 0 0 0 0 0 0 0 0 0 0 0 0 0 0
##$GPZ= (0..31)
0 -50 0 0 0 0 0 0 0 0 0 0 0 0 0 0 0 0 0 0 0 0 0 0 0 0 0 0 0 0 0 0
##$GRDPROG= <grad_out>
##$GRPDLY= 67.9861145019531
##$HDDUTY= 20
##$HDRATE= 20
##$HGAIN= (0..3)
0 0 0 0
##$HL1= 3
##$HL2= 43
##$HL3= 11
##$HL4= 60
##$HOLDER= 0
##$HPMOD= (0..7)
0 0 0 0 0 0 0 0
##$HPPRGN= 0
##$IN= (0..63)
0.0003 0.001 0.001 0.001 0.001 0.001 0.001 0.001 0.001 0.0002942 0.000321
0.001 0.001 1.66e-05 0.001 0.000165 0.000165 0.001 0.001 0.001 0.0004 0.0003
0.001 0.0003 0.001 0.001 0.001 0.0002 0.001 0.001 5.4e-05 0.001 0.001 0.001
0.001 0.001 0.001 0.001 0.001 0.001 0.001 0.001 0.001 0.001 0.001 0.001
0.001 0.001 0.001 0.001 0.001 0.001 0.001 0.001 0.001 0.001 0.001 0.001
0.001 0.001 0.001 0.001 0.001 0.001
##$INF= (0..7)
0 373.063159808697 0 0 0 0 0 0
##$INP= (0..63)
0 0 0 0 0 0 0 0 33.7 0 0 0 0 0 0 0 0 0 0 0 0 0 0 0 0 0 0 0 0 0 0 0 0 0
0 0 0 0 0 0 0 0 0 0 0 0 0 0 0 0 0 0 0 0 0 0 0 0 0 0 0 0 0 0
##$INSTRUM= <spect>
##$L= (0..31)
1 1 1 100 45 1 1 1 1 1 1 1 1 1 1 1 1 1 1 1 1 1 1 1 1 1 1 1 1 1 1 1
##$LFILTER= 50
##$LGAIN= -9.39999961853027
##$LINPSTP= 0
##$LOCKED= no
##$LOCKFLD= -9937
##$LOCKGN= 123.199996948242
##$LOCKPOW= -18
##$LOCKPPM= 4.69999980926514
##$LOCNUC= <2H>
##$LOCPHAS= 32.1
##$LOCSHFT= no
##$LOCSW= 0
##$LTIME= 0.46399998664856
##$MASR= 0
##$MASRLST= <masrlst>
##$NBL= 1
##$NC= -6
##$NLOGCH= 4
##$NS= 2
##$NUC1= <1H>
##$NUC2= <15N>
##$NUC3= <13C>
##$NUC4= <off>
##$NUC5= <off>
##$NUC6= <off>
##$NUC7= <off>
##$NUC8= <off>
##$NUCLEI= 0
##$NUCLEUS= <off>
##$O1= 2821.21
##$O2= 7083.2595315
##$O3= 26705.275197
##$O4= 0
##$O5= 0
##$O6= -100000000
##$O7= -100000000
##$O8= -100000000
##$OBSCHAN= (0..9)
0 0 0 0 0 0 0 0 0 0
##$OVERFLW= 0
##$P= (0..63)
0 6.45 799.9 1214 47.4 53 162.2 40 150 300 2500 2000 400 1206.47 0 2000
0 47.3 700000 0 1000 1000 400 1500 2370 0 0 0 0 0 50 200 0 0 0 0 0 0 0
0 0 0 0 0 0 0 0 0 0 0 0 0 0 0 0 0 0 0 0 0 0 0 0 0
##$PACOIL= (0..15)
0 0 0 0 0 0 0 0 0 0 0 0 0 0 0 0
##$PAPS= 2
##$PARMODE= 1
##$PCPD= (0..9)
100 100 100 100 100 100 100 100 100 100
##$PHCOR= (0..31)
0 0 0 0 0 0 0 0 0 0 0 0 0 0 0.5 0 0 0 0.5 0 0 0 0 0 0.5 0 0 0 0 0 0 0
##$PHLIST= <>
##$PHP= 1
##$PH_ref= 145.8
##$PL= (0..63)
120 -1 41 120 2.5 9.9 13.6 -3.2 120 120 120 120 120 120 120 120 120 120
120 120 120 120 120 120 120 120 120 120 120 120 15.5 10.8 120 120 120 120
120 120 120 120 120 120 120 120 120 120 120 120 120 120 120 120 120 120
120 120 120 120 120 120 120 120 120 120
##$PLW= (0..63)
-1 16.98244 0.00125893 1e-12 0 10.59254 4.415704 158.4893 11.88502 60.95369
-1 -1 -1 -1 -1 -1 64.56542 -1 -1 -1 -1 -1 -1 -1 -1 -1 -1 -1 -1 9.772372
0.3523709 6.309574 -1 -1 -1 -1 -1 -1 -1 -1 -1 -1 -1 -1 -1 -1 -1 -1 -1 -1
-1 -1 -1 -1 -1 -1 -1 -1 -1 -1 -1 -1 -1 -1
##$PLSTEP= 0.1
##$PLSTRT= -6
##$POWMOD= 0
##$PQPHASE= 0
##$PQSCALE= 0
##$PR= 1
##$PRECHAN= (0..15)
-1 2 0 3 -1 -1 -1 -1 -1 4 -1 -1 -1 -1 -1 -1
##$PRGAIN= 0
##$PROBHD= <5 mm TXI 1H/D-13C/15N XYZ-GRD Z8323/0175
>
##$PROSOL= no
##$PULPROG= <hnco_fb.sg>
##$PW= 0
##$PYNM= <acqu.py>
##$QNP= 1
##$RD= 0
##$RECCHAN= (0..15)
-1 2 0 0 0 0 0 0 0 -1 -1 -1 -1 -1 -1 -1
##$RECPH= 0
##$RECPRE= (0..15)
-1 0 -1 -1 -1 -1 -1 -1 -1 -1 -1 -1 -1 -1 -1 -1
##$RECPRFX= (0..15)
-1 0 0 0 0 0 0 0 0 0 0 0 0 0 0 0
##$RECSEL= (0..15)
0 0 1 0 0 0 0 0 0 0 0 0 0 0 0 0
##$RG= 90.5
##$RO= 0
##$ROUTWD1= (0..23)
0 0 0 0 0 1 1 0 0 0 0 0 0 0 0 1 0 0 0 0 1 1 0 0
##$ROUTWD2= (0..23)
1 0 0 0 1 1 1 0 0 0 0 0 0 0 1 1 1 1 1 0 1 1 0 0
##$RSEL= (0..9)
0 1 2 3 0 0 0 0 0 0
##$S= (0..7)
83 30 22 83 83 83 83 83
##$SEOUT= 0
##$SFO1= 600.03282121
##$SFO2= 60.8075942595315
##$SFO3= 150.903966275197
##$SFO4= 600.03
##$SFO5= 600.13
##$SFO6= 500.13
##$SFO7= 500.13
##$SFO8= 500.13
##$SOLVENT= <H2O+D2O>
##$SP= (0..31)
40 40 0 13.6 2.5 0 0 0 14.3 14.3 0 0 0 0 0 0 150 150 150 150 150 150 150
150 150 150 150 150 150 150 150 150
##$SP07= 0
##$SPECTR= 0
##$SPNAM= (0..31) 
<sinc1.0> <sinc1.0> <gauss> <rect32> <rect32> <gauss> <gauss> <gauss> <sinc1.0> <sinc1.0> <gauss> <gauss> <gauss> <gauss> <gauss> <gauss> <gauss> <gauss> <gauss> <gauss> <gauss> <gauss> <gauss> <gauss> <gauss> <gauss> <gauss> <gauss> <gauss> <gauss> <gauss> <gauss>
##$SPOAL= (0..31)
0.5 0.5 0.5 0.5 0.5 0.5 0.5 0.5 0.5 0.5 0.5 0.5 0.5 0.5 0.5 0.5 0.5 0.5
0.5 0.5 0.5 0.5 0.5 0.5 0.5 0.5 0.5 0.5 0.5 0.5 0.5 0.5
##$SPOFFS= (0..31)
0 0 0 -18260 -18260 0 0 0 0 18260 0 0 0 0 0 0 0 0 0 0 0 0 0 0 0 0 0 0 0
0 0 0
##$SPW= (0..63)
0.001 0 0 4.677351 56.23413 0 10.59254 0 0 0 0 0 0 0 0 0 0 0 0 0 0 0 0
0 0 0 0 0 0 0 0 0 0 0 0 0 0 0 0 0 0 0 0 0 0 0 0 0 0 0 0 0 0 0 0 0 0 0 0
0 0 0 0 0
##$SUBNAM= (0..9)
<""> <""> <""> <""> <""> <""> <""> <""> <""> <"">
##$SW= 15.4312546446833
##$SWIBOX= (0..15)
0 1 2 3 0 0 0 0 0 0 0 0 0 0 0 0
##$SW_h= 9259.25925925926
##$SWfinal= 0
##$TD= 1024
##$TD0= 1
##$TE= 298
##$TE2= 300
##$TE3= 300
##$TEG= 300
##$TL= (0..7)
38 120 120 120 120 120 120 120
##$TP= (0..7)
40 150 150 150 150 150 150 150
##$TP07= 0
##$TPNAME0= <halfgauss_l>
##$TPNAME1= <>
##$TPNAME2= <>
##$TPNAME3= <>
##$TPNAME4= <>
##$TPNAME5= <>
##$TPNAME6= <>
##$TPNAME7= <>
##$TPOAL= (0..7)
0.5 0.5 0.5 0.5 0.5 0.5 0.5 0.5
##$TPOFFS= (0..7)
0 0 0 0 0 0 0 0
##$TUNHIN= 0
##$TUNHOUT= 0
##$TUNXOUT= 0
##$USERA1= <user>
##$USERA2= <user>
##$USERA3= <user>
##$USERA4= <user>
##$USERA5= <user>
##$V9= 5
##$VALIST= <valist>
##$VCLIST= <CCCCCCCCCCCCCCC>
##$VD= 0
##$VDLIST= <DDDDDDDDDDDDDDD>
##$VPLIST= <PPPPPPPPPPPPPPP>
##$VTLIST= <TTTTTTTTTTTTTTT>
##$WBST= 256
##$WBSW= 4
##$XGAIN= (0..3)
0 0 0 0
##$XL= 0
##$YL= 0
##$YMAX_a= 83378
##$YMIN_a= -150202
##$ZGOPTNS= <>
##$ZL1= 120
##$ZL2= 120
##$ZL3= 120
##$ZL4= 120
##END=
